GEM
  remote: http://rubygems.org/
  specs:
    albacore (2.3.15)
      map (~> 6.5)
      nokogiri (~> 1.5)
      rake (~> 10)
      semver2 (~> 3.4)
    map (6.5.5)
    mini_portile2 (2.1.0)
    nokogiri (1.7.0.1-x86-mingw32)
      mini_portile2 (~> 2.1.0)
    rake (10.4.2)
    semver2 (3.4.2)
    version_bumper (0.3.0)

PLATFORMS
  x86-mingw32

DEPENDENCIES
  albacore
  rake
  version_bumper
